GEM
  remote: https://rubygems.org/
  specs:
    activemodel (4.2.0)
      activesupport (= 4.2.0)
      builder (~> 3.1)
    activerecord (4.2.0)
      activemodel (= 4.2.0)
      activesupport (= 4.2.0)
      arel (~> 6.0)
    activesupport (4.2.0)
      i18n (~> 0.7)
      json (~> 1.7, >= 1.7.7)
      minitest (~> 5.1)
      thread_safe (~> 0.3, >= 0.3.4)
      tzinfo (~> 1.1)
    arel (6.0.0)
    builder (3.2.2)
    crack (0.4.2)
      safe_yaml (~> 1.0.0)
    creek (1.0.5)
      nokogiri (~> 1.6.0)
      rubyzip (>= 1.0.0)
    i18n (0.7.0)
    iconv (1.0.4)
    json (1.8.2)
    mini_portile (0.6.2)
    minitest (5.5.1)
    nokogiri (1.6.6.2)
      mini_portile (~> 0.6.0)
    redis (3.2.1)
    rubyzip (1.1.7)
    safe_yaml (1.0.4)
    thread_safe (0.3.4)
    tzinfo (1.2.2)
      thread_safe (~> 0.1)

PLATFORMS
  ruby

DEPENDENCIES
  activerecord
  crack
  creek
  iconv
  json
  nokogiri
  redis
